GEM
  remote: https://rubygems.org/
  specs:
    rexml (3.2.1)

PLATFORMS
  ruby

DEPENDENCIES
  rexml

BUNDLED WITH
   2.0.1
