GEM
  remote: https://rubygems.org/
  specs:
    coderay (1.1.2)
    method_source (0.9.2)
    power_assert (1.1.3)
    pry (0.12.2)
      coderay (~> 1.1.0)
      method_source (~> 0.9.0)
    rexml (3.2.5)
    test-unit (3.2.9)
      power_assert

PLATFORMS
  ruby

DEPENDENCIES
  pry
  rexml
  test-unit

BUNDLED WITH
   2.0.1
